GEM
  remote: https://rubygems.org/
  specs:
    haml (4.0.4)
      tilt
    kgio (2.8.1)
    mysql2 (0.3.14)
    rack (1.6.13)
    rack-protection (1.5.1)
      rack
    raindrops (0.12.0)
    sinatra (1.4.4)
      rack (~> 1.4)
      rack-protection (~> 1.4)
      tilt (~> 1.3, >= 1.3.4)
    tilt (1.4.1)
    unicorn (4.7.0)
      kgio (~> 2.6)
      rack
      raindrops (~> 0.7)

PLATFORMS
  ruby

DEPENDENCIES
  haml
  mysql2
  sinatra
  unicorn
