GEM
  remote: https://rubygems.org/
  specs:
    haml (4.0.4)
      tilt
    kgio (2.8.1)
    mustermann (1.1.1)
      ruby2_keywords (~> 0.0.1)
    mysql2 (0.3.14)
    rack (2.2.3)
    rack-protection (2.2.0)
      rack
    raindrops (0.12.0)
    ruby2_keywords (0.0.5)
    sinatra (2.2.0)
      mustermann (~> 1.0)
      rack (~> 2.2)
      rack-protection (= 2.2.0)
      tilt (~> 2.0)
    tilt (2.0.10)
    unicorn (4.7.0)
      kgio (~> 2.6)
      rack
      raindrops (~> 0.7)

PLATFORMS
  ruby

DEPENDENCIES
  haml
  mysql2
  sinatra
  unicorn
